GEM
  remote: https://rubygems.org/
  specs:
    developwithpassion_fakes (0.0.1)
    ffi (1.0.11)
    guard (0.10.0)
      ffi (>= 0.5.0)
      thor (~> 0.14.6)
    guard-minitest (0.4.0)
      guard (~> 0.4)
    thor (0.14.6)

PLATFORMS
  ruby

DEPENDENCIES
  developwithpassion_fakes
  guard-minitest
