GEM
  remote: https://rubygems.org/
  specs:
    developwithpassion_fakes (0.0.1)

PLATFORMS
  ruby

DEPENDENCIES
  developwithpassion_fakes
